GIT
  remote: git://github.com/pmukerji/jruby-serialport.git
  revision: 206b432afdc09a2434c1b5685ba2bbb1580e3e57
  specs:

GIT
  remote: git://github.com/pmukerji/ruby-serialport.git
  revision: dca53655a0a66ae8193114631c162439b76d62e6
  specs:
    serialport (1.1.0)

GEM
  remote: http://rubygems.org/
  specs:
    amq-protocol (1.8.0)
    amqp (1.1.1)
      amq-protocol (>= 1.8.0)
      eventmachine
    celluloid (0.15.2)
      timers (~> 1.1.0)
    celluloid-io (0.15.0)
      celluloid (>= 0.15.0)
      nio4r (>= 0.5.0)
    coderay (1.1.0)
    diff-lcs (1.2.5)
    eventmachine (1.0.3)
    http (0.5.0)
      http_parser.rb
    http_parser.rb (0.6.0.beta.2)
    method_source (0.8.2)
    nio4r (0.5.0)
    pry (0.9.12.3)
      coderay (~> 1.0)
      method_source (~> 0.8)
      slop (~> 3.4)
    reel (0.4.0)
      celluloid (>= 0.15.1)
      celluloid-io (>= 0.15.0)
      http (>= 0.5.0)
      http_parser.rb (>= 0.6.0.beta.2)
      websocket_parser (>= 0.1.4)
    rspec (2.14.1)
      rspec-core (~> 2.14.0)
      rspec-expectations (~> 2.14.0)
      rspec-mocks (~> 2.14.0)
    rspec-core (2.14.7)
    rspec-expectations (2.14.4)
      diff-lcs (>= 1.1.3, < 2.0)
    rspec-mocks (2.14.4)
    slop (3.4.6)
    timers (1.1.0)
    websocket_parser (0.1.4)
      http

PLATFORMS
  ruby

DEPENDENCIES
  amqp
  celluloid
  jruby-serialport!
  pry
  reel
  rspec
  serialport!
